GEM
  remote: https://rubygems.org/
  specs:
    activemodel (4.1.8)
      activesupport (= 4.1.8)
      builder (~> 3.1)
    activesupport (4.1.8)
      i18n (~> 0.6, >= 0.6.9)
      json (~> 1.7, >= 1.7.7)
      minitest (~> 5.1)
      thread_safe (~> 0.1)
      tzinfo (~> 1.1)
    builder (3.2.2)
    connection_pool (2.1.0)
    cuba (3.3.0)
      rack
    diff-lcs (1.2.5)
    dotenv (0.11.1)
      dotenv-deployment (~> 0.0.2)
    dotenv-deployment (0.0.2)
    eventmachine (1.0.4)
    faye-websocket (0.7.5)
      eventmachine (>= 0.12.0)
      websocket-driver (>= 0.3.5)
    foreman (0.71.0)
      dotenv (~> 0.11.1)
      thor (~> 0.19.1)
    httpclient (2.4.0)
    i18n (0.6.11)
    json (1.8.1)
    macaddr (1.7.1)
      systemu (~> 2.6.2)
    minitest (5.4.3)
    mutations (0.7.2)
      activesupport
    puma (2.9.2)
      rack (>= 1.1, < 2.0)
    rack (1.5.2)
    rack-cors (0.3.1)
    rack-test (0.6.2)
      rack (>= 1.0)
    redis (3.1.0)
    redis-pool (0.1.1)
      connection_pool
      redis
    redis_orm (0.7)
      activemodel (>= 3.0.0)
      activesupport (>= 3.0.0)
      redis (>= 2.2.0)
      uuid (>= 2.3.2)
    rspec (2.14.1)
      rspec-core (~> 2.14.0)
      rspec-expectations (~> 2.14.0)
      rspec-mocks (~> 2.14.0)
    rspec-core (2.14.8)
    rspec-expectations (2.14.5)
      diff-lcs (>= 1.1.3, < 2.0)
    rspec-mocks (2.14.6)
    stub_env (0.2.0)
      rspec (>= 2.0, < 4.0)
    systemu (2.6.4)
    thor (0.19.1)
    thread_safe (0.3.4)
    tzinfo (1.2.2)
      thread_safe (~> 0.1)
    uuid (2.3.7)
      macaddr (~> 1.0)
    websocket-driver (0.3.5)

PLATFORMS
  ruby

DEPENDENCIES
  cuba (~> 3.3.0)
  dotenv
  eventmachine (~> 1.0.4)
  faye-websocket (~> 0.7.5)
  foreman
  httpclient
  mutations
  puma
  rack-cors
  rack-test
  redis
  redis-pool
  redis_orm
  rspec
  stub_env
